GEM
  remote: https://rubygems.org/
  specs:
    bitset (0.1.0)

PLATFORMS
  ruby

DEPENDENCIES
  bitset
